GEM
  remote: https://rubygems.org/
  specs:
    math24 (2.0.1)

PLATFORMS
  x64-mingw-ucrt

DEPENDENCIES
  math24 (~> 2.0.0)

RUBY VERSION
   ruby 3.2.2p53

BUNDLED WITH
   2.4.10
